GEM
  remote: https://rubygems.org/
  specs:
    rack (2.0.7)

PLATFORMS
  ruby

DEPENDENCIES
  rack (~> 2.0.1)

BUNDLED WITH
   2.0.2
